PATH
  remote: .
  specs:
    seating_chart_presenter_plugin (0.1.1)
      dry-configurable (> 0.1, <= 7.0)

GEM
  remote: https://rubygems.org/
  specs:
    concurrent-ruby (1.1.6)
    dry-configurable (0.11.3)
      concurrent-ruby (~> 1.0)
      dry-core (~> 0.4, >= 0.4.7)
      dry-equalizer (~> 0.2)
    dry-core (0.4.9)
      concurrent-ruby (~> 1.0)
    dry-equalizer (0.3.0)
    rake (13.0.3)

PLATFORMS
  ruby

DEPENDENCIES
  bundler (~> 2.0)
  rake (~> 13.0)
  seating_chart_presenter_plugin!

BUNDLED WITH
   1.16.2
