PATH
  remote: .
  specs:
    seating_chart_presenter_plugin (1.1.1)
      dry-configurable (>= 0.13)

GEM
  remote: https://rubygems.org/
  specs:
    concurrent-ruby (1.1.9)
    dry-configurable (0.13.0)
      concurrent-ruby (~> 1.0)
      dry-core (~> 0.6)
    dry-core (0.7.1)
      concurrent-ruby (~> 1.0)
    rake (13.0.1)

PLATFORMS
  ruby

DEPENDENCIES
  bundler (~> 2.0)
  rake (~> 13.0)
  seating_chart_presenter_plugin!

BUNDLED WITH
   2.4.22
