PATH
  remote: .
  specs:
    seating_chart_presenter_plugin (0.1.1)
      dry-configurable (> 0.1, <= 7.0)

GEM
  remote: https://rubygems.org/
  specs:
    concurrent-ruby (1.1.8)
    dry-configurable (0.12.1)
      concurrent-ruby (~> 1.0)
      dry-core (~> 0.5, >= 0.5.0)
    dry-core (0.5.0)
      concurrent-ruby (~> 1.0)
    rake (13.0.1)

PLATFORMS
  ruby

DEPENDENCIES
  bundler (~> 2.0)
  rake (~> 13.0)
  seating_chart_presenter_plugin!

BUNDLED WITH
   1.16.2
