PATH
  remote: .
  specs:
    seating_chart_presenter_plugin (0.0.1)

GEM
  remote: https://rubygems.org/
  specs:
    rake (12.3.3)

PLATFORMS
  ruby

DEPENDENCIES
  bundler (~> 2.0)
  rake (~> 12.3)
  seating_chart_presenter_plugin!

BUNDLED WITH
   1.16.2
