PATH
  remote: .
  specs:
    foo_presenter_plugin (0.0.1)

GEM
  remote: https://rubygems.org/
  specs:
    rake (10.5.0)

PLATFORMS
  ruby

DEPENDENCIES
  bundler (~> 1.16)
  foo_presenter_plugin!
  rake (~> 10.0)

BUNDLED WITH
   1.16.1
